PATH
  remote: .
  specs:
    device_api-ios (1.1.0)
      device_api (>= 1.0, < 2.0)
      ios-devices (>= 0.2)
      ox (>= 2.1.0)

GEM
  remote: https://rubygems.org/
  specs:
    ast (2.3.0)
    childprocess (0.7.1)
      ffi (~> 1.0, >= 1.0.11)
    device_api (1.0.2)
    diff-lcs (1.3)
    ffi (1.9.18)
    iniparse (1.4.4)
    ios-devices (0.2.4)
    overcommit (0.40.0)
      childprocess (~> 0.6, >= 0.6.3)
      iniparse (~> 1.4)
    ox (2.5.0)
    parallel (1.12.0)
    parser (2.4.0.0)
      ast (~> 2.2)
    powerpack (0.1.1)
    rainbow (2.2.2)
      rake
    rake (12.0.0)
    rspec (3.6.0)
      rspec-core (~> 3.6.0)
      rspec-expectations (~> 3.6.0)
      rspec-mocks (~> 3.6.0)
    rspec-core (3.6.0)
      rspec-support (~> 3.6.0)
    rspec-expectations (3.6.0)
      diff-lcs (>= 1.2.0, < 2.0)
      rspec-support (~> 3.6.0)
    rspec-mocks (3.6.0)
      diff-lcs (>= 1.2.0, < 2.0)
      rspec-support (~> 3.6.0)
    rspec-support (3.6.0)
    rubocop (0.49.1)
      parallel (~> 1.10)
      parser (>= 2.3.3.1, < 3.0)
      powerpack (~> 0.1)
      rainbow (>= 1.99.1, < 3.0)
      ruby-progressbar (~> 1.7)
      unicode-display_width (~> 1.0, >= 1.0.1)
    rubocop-rspec (1.15.1)
      rubocop (>= 0.42.0)
    ruby-progressbar (1.8.1)
    unicode-display_width (1.3.0)

PLATFORMS
  ruby

DEPENDENCIES
  device_api-ios!
  overcommit
  rspec (~> 3.5)
  rubocop-rspec

BUNDLED WITH
   1.15.3
