PATH
  remote: .
  specs:
    device_api-ios (1.1.0)
      device_api (>= 1.0, < 2.0)
      ox (~> 2.8)

GEM
  remote: https://rubygems.org/
  specs:
    ast (2.3.0)
    childprocess (0.8.0)
      ffi (~> 1.0, >= 1.0.11)
    device_api (1.0.2)
    diff-lcs (1.3)
    docile (1.1.5)
    ffi (1.9.18)
    iniparse (1.4.4)
    json (2.1.0)
    overcommit (0.41.0)
      childprocess (~> 0.6, >= 0.6.3)
      iniparse (~> 1.4)
    ox (2.8.2)
    parallel (1.12.1)
    parser (2.4.0.2)
      ast (~> 2.3)
    powerpack (0.1.1)
    rainbow (3.0.0)
    rspec (3.7.0)
      rspec-core (~> 3.7.0)
      rspec-expectations (~> 3.7.0)
      rspec-mocks (~> 3.7.0)
    rspec-core (3.7.1)
      rspec-support (~> 3.7.0)
    rspec-expectations (3.7.0)
      diff-lcs (>= 1.2.0, < 2.0)
      rspec-support (~> 3.7.0)
    rspec-mocks (3.7.0)
      diff-lcs (>= 1.2.0, < 2.0)
      rspec-support (~> 3.7.0)
    rspec-support (3.7.0)
    rubocop (0.52.1)
      parallel (~> 1.10)
      parser (>= 2.4.0.2, < 3.0)
      powerpack (~> 0.1)
      rainbow (>= 2.2.2, < 4.0)
      ruby-progressbar (~> 1.7)
      unicode-display_width (~> 1.0, >= 1.0.1)
    rubocop-rspec (1.22.1)
      rubocop (>= 0.52.1)
    ruby-progressbar (1.9.0)
    simplecov (0.15.1)
      docile (~> 1.1.0)
      json (>= 1.8, < 3)
      simplecov-html (~> 0.10.0)
    simplecov-html (0.10.2)
    unicode-display_width (1.3.0)

PLATFORMS
  ruby

DEPENDENCIES
  device_api-ios!
  overcommit
  rspec (~> 3.7)
  rubocop-rspec
  simplecov

BUNDLED WITH
   1.16.1
